GEM
  remote: http://rubygems.org/
  specs:
    diff-lcs (1.1.3)
    facter (1.7.6)
    json (1.7.5)
    librarian-puppet-maestrodev (0.9.7.2)
      json
      puppet
      thor (~> 0.15)
    metaclass (0.0.1)
    mocha (0.13.1)
      metaclass (~> 0.0.1)
    puppet (2.7.20)
      facter (~> 1.5)
    puppet-lint (0.1.13)
    puppetlabs_spec_helper (0.3.0)
      mocha (>= 0.10.5)
      rake
      rspec (>= 2.9.0)
      rspec-puppet (>= 0.1.1)
    rake (10.0.3)
    rspec (2.12.0)
      rspec-core (~> 2.12.0)
      rspec-expectations (~> 2.12.0)
      rspec-mocks (~> 2.12.0)
    rspec-core (2.12.2)
    rspec-expectations (2.12.1)
      diff-lcs (~> 1.1.3)
    rspec-mocks (2.12.0)
    rspec-puppet (0.1.5)
      rspec
    thor (0.16.0)

PLATFORMS
  ruby

DEPENDENCIES
  librarian-puppet-maestrodev (~> 0.9.7)
  puppet (~> 2.7.17)
  puppet-lint (~> 0.1.13)
  puppetlabs_spec_helper (~> 0.3.0)
  rake (>= 0.9.2.2)
